GIT
  remote: git://github.com/nathanaeljones/hardwired.git
  revision: 124b23e5dd3adb35d3c496e38bea376c229e1afb
  specs:
    hardwired (0.3.2)
      nokogiri
      sinatra (>= 1.3.3)
      tilt

GEM
  remote: https://rubygems.org/
  specs:
    columnize (0.3.6)
    commonjs (0.2.7)
    daemons (1.1.9)
    debugger (1.6.3)
      columnize (>= 0.3.1)
      debugger-linecache (~> 1.2.0)
      debugger-ruby_core_source (~> 1.2.4)
    debugger-linecache (1.2.0)
    debugger-ruby_core_source (1.2.4)
    eventmachine (1.0.3)
    ffi (1.9.3)
    kramdown (1.3.0)
    less (2.4.0)
      commonjs (~> 0.2.7)
    libv8 (3.16.14.3)
    listen (1.0.3)
      rb-fsevent (>= 0.9.3)
      rb-inotify (>= 0.9)
      rb-kqueue (>= 0.2)
    mini_portile (0.5.2)
    nokogiri (1.6.1)
      mini_portile (~> 0.5.0)
    rack (1.5.2)
    rack-cache (1.2)
      rack (>= 0.4)
    rack-protection (1.5.1)
      rack
    rb-fsevent (0.9.3)
    rb-inotify (0.9.3)
      ffi (>= 0.5.0)
    rb-kqueue (0.2.0)
      ffi (>= 0.5.0)
    ref (1.0.5)
    rerun (0.8.2)
      listen (~> 1.0.3)
    sinatra (1.4.4)
      rack (~> 1.4)
      rack-protection (~> 1.4)
      tilt (~> 1.3, >= 1.3.4)
    slim (2.0.2)
      temple (~> 0.6.6)
      tilt (>= 1.3.3, < 2.1)
    temple (0.6.7)
    therubyracer (0.12.0)
      libv8 (~> 3.16.14.0)
      ref
    thin (1.6.1)
      daemons (>= 1.0.9)
      eventmachine (>= 1.0.0)
      rack (>= 1.0.0)
    tilt (1.4.1)

PLATFORMS
  ruby

DEPENDENCIES
  debugger
  hardwired!
  kramdown
  less
  rack-cache
  rb-fsevent
  rerun
  slim
  therubyracer
  thin
